GEM
  remote: https://rubygems.org/
  specs:
    addressable (2.4.0)
    faraday (0.9.2)
      multipart-post (>= 1.2, < 3)
    highline (1.7.7)
    json (1.8.3)
    multipart-post (2.0.0)
    octokit (4.3.0)
      sawyer (~> 0.7.0, >= 0.5.3)
    rb-scpt (1.0.1)
    sawyer (0.7.0)
      addressable (>= 2.3.5, < 2.5)
      faraday (~> 0.8, < 0.10)
    trollop (2.1.2)

PLATFORMS
  ruby

DEPENDENCIES
  highline
  json
  octokit (~> 4.0)
  rb-scpt
  trollop

BUNDLED WITH
   1.11.2
